GEM
  remote: https://rubygems.org/
  specs:
    bson (4.1.1)
    bson_ext (1.5.1)
    mongo (2.2.7)
      bson (~> 4.0)
    rack (1.6.4)
    rack-protection (1.5.3)
      rack
    sinatra (1.4.7)
      rack (~> 1.5)
      rack-protection (~> 1.4)
      tilt (>= 1.3, < 3)
    slim (3.0.7)
      temple (~> 0.7.6)
      tilt (>= 1.3.3, < 2.1)
    temple (0.7.7)
    tilt (2.0.5)

PLATFORMS
  ruby

DEPENDENCIES
  bson_ext
  mongo (~> 2.2)
  sinatra
  slim

BUNDLED WITH
   1.12.5
