GEM
  remote: https://rubygems.org/
  specs:
    bson (4.1.1)
    bson_ext (1.5.1)
    mongo (2.2.7)
      bson (~> 4.0)

PLATFORMS
  ruby

DEPENDENCIES
  bson_ext
  mongo (~> 2.2)

BUNDLED WITH
   1.12.5
